GEM
  remote: https://rubygems.org/
  specs:
    actioncable (7.1.4)
      actionpack (= 7.1.4)
      activesupport (= 7.1.4)
      nio4r (~> 2.0)
      websocket-driver (>= 0.6.1)
      zeitwerk (~> 2.6)
    actionmailbox (7.1.4)
      actionpack (= 7.1.4)
      activejob (= 7.1.4)
      activerecord (= 7.1.4)
      activestorage (= 7.1.4)
      activesupport (= 7.1.4)
      mail (>= 2.7.1)
      net-imap
      net-pop
      net-smtp
    actionmailer (7.1.4)
      actionpack (= 7.1.4)
      actionview (= 7.1.4)
      activejob (= 7.1.4)
      activesupport (= 7.1.4)
      mail (~> 2.5, >= 2.5.4)
      net-imap
      net-pop
      net-smtp
      rails-dom-testing (~> 2.2)
    actionpack (7.1.4)
      actionview (= 7.1.4)
      activesupport (= 7.1.4)
      nokogiri (>= 1.8.5)
      racc
      rack (>= 2.2.4)
      rack-session (>= 1.0.1)
      rack-test (>= 0.6.3)
      rails-dom-testing (~> 2.2)
      rails-html-sanitizer (~> 1.6)
    actiontext (7.1.4)
      actionpack (= 7.1.4)
      activerecord (= 7.1.4)
      activestorage (= 7.1.4)
      activesupport (= 7.1.4)
      globalid (>= 0.6.0)
      nokogiri (>= 1.8.5)
    actionview (7.1.4)
      activesupport (= 7.1.4)
      builder (~> 3.1)
      erubi (~> 1.11)
      rails-dom-testing (~> 2.2)
      rails-html-sanitizer (~> 1.6)
    active_decorator (1.4.1)
      activesupport
    activejob (7.1.4)
      activesupport (= 7.1.4)
      globalid (>= 0.3.6)
    activemodel (7.1.4)
      activesupport (= 7.1.4)
    activerecord (7.1.4)
      activemodel (= 7.1.4)
      activesupport (= 7.1.4)
      timeout (>= 0.4.0)
    activestorage (7.1.4)
      actionpack (= 7.1.4)
      activejob (= 7.1.4)
      activerecord (= 7.1.4)
      activesupport (= 7.1.4)
      marcel (~> 1.0)
    activesupport (7.1.4)
      base64
      bigdecimal
      concurrent-ruby (~> 1.0, >= 1.0.2)
      connection_pool (>= 2.2.5)
      drb
      i18n (>= 1.6, < 2)
      minitest (>= 5.1)
      mutex_m
      tzinfo (~> 2.0)
    airbrussh (1.5.3)
      sshkit (>= 1.6.1, != 1.7.0)
    ast (2.4.2)
    base64 (0.2.0)
    bcp47_spec (0.2.1)
    bcrypt (3.1.20)
    bcrypt_pbkdf (1.1.1)
    bcrypt_pbkdf (1.1.1-arm64-darwin)
    bcrypt_pbkdf (1.1.1-x86_64-darwin)
    bigdecimal (3.1.8)
    bindex (0.8.1)
    bootsnap (1.18.4)
      msgpack (~> 1.2)
    builder (3.3.0)
    canonical-rails (0.2.15)
      actionview (>= 4.1, <= 7.2)
    capistrano (3.19.1)
      airbrussh (>= 1.0.0)
      i18n
      rake (>= 10.0.0)
      sshkit (>= 1.9.0)
    capistrano-bundler (2.1.1)
      capistrano (~> 3.1)
    capistrano-passenger (0.2.1)
      capistrano (~> 3.0)
    capistrano-rails (1.6.3)
      capistrano (~> 3.1)
      capistrano-bundler (>= 1.1, < 3)
    capistrano-rbenv (2.2.0)
      capistrano (~> 3.1)
      sshkit (~> 1.3)
    chartkick (5.1.0)
    chronic (0.10.2)
    concurrent-ruby (1.3.4)
    connection_pool (2.4.1)
    crass (1.0.6)
    date (3.3.4)
    debug (1.9.2)
      irb (~> 1.10)
      reline (>= 0.3.8)
    devise (4.8.1)
      bcrypt (~> 3.0)
      orm_adapter (~> 0.1)
      railties (>= 4.1.0)
      responders
      warden (~> 1.2.3)
    double_entry (2.0.1)
      activerecord (>= 6.1.0)
      activesupport (>= 6.1.0)
      money (>= 6.0.0)
      railties (>= 6.1.0)
    drb (2.2.1)
    ed25519 (1.3.0)
    enum_help (0.0.19)
      activesupport (>= 3.0.0)
    erubi (1.13.0)
    erubis (2.7.0)
    esbuild-rails (0.1.4)
      rails (>= 6.0.0)
    faker (3.4.2)
      i18n (>= 1.8.11, < 2)
    ffi (1.17.0-aarch64-linux-gnu)
    ffi (1.17.0-arm-linux-gnu)
    ffi (1.17.0-arm64-darwin)
    ffi (1.17.0-x86-linux-gnu)
    ffi (1.17.0-x86_64-darwin)
    ffi (1.17.0-x86_64-linux-gnu)
    font-awesome-sass (6.5.2)
      sassc (~> 2.0)
    friendly_id (5.4.2)
      activerecord (>= 4.0.0)
    friendly_id-mobility (1.0.4)
      friendly_id (>= 5.0.0, < 5.5)
      mobility (>= 1.0.1, < 2.0)
    globalid (1.2.1)
      activesupport (>= 6.1)
    gon (6.4.0)
      actionpack (>= 3.0.20)
      i18n (>= 0.7)
      multi_json
      request_store (>= 1.0)
    groupdate (6.4.0)
      activesupport (>= 6.1)
    haml (6.3.0)
      temple (>= 0.8.2)
      thor
      tilt
    haml-rails (2.1.0)
      actionpack (>= 5.1)
      activesupport (>= 5.1)
      haml (>= 4.0.6)
      railties (>= 5.1)
    html2haml (2.3.0)
      erubis (~> 2.7.0)
      haml (>= 4.0)
      nokogiri (>= 1.6.0)
      ruby_parser (~> 3.5)
    htmlentities (4.3.4)
    i18n (1.14.6)
      concurrent-ruby (~> 1.0)
    image_processing (1.13.0)
      mini_magick (>= 4.9.5, < 5)
      ruby-vips (>= 2.0.17, < 3)
    infold (0.2.1)
      rails (>= 7.0)
    io-console (0.7.2)
    irb (1.14.0)
      rdoc (>= 4.0.0)
      reline (>= 0.4.2)
    jbuilder (2.13.0)
      actionview (>= 5.0.0)
      activesupport (>= 5.0.0)
    jquery-rails (4.6.0)
      rails-dom-testing (>= 1, < 3)
      railties (>= 4.2.0)
      thor (>= 0.14, < 2.0)
    jsbundling-rails (1.3.1)
      railties (>= 6.0.0)
    json (2.7.2)
    json-canonicalization (1.0.0)
    json-ld (3.3.2)
      htmlentities (~> 4.3)
      json-canonicalization (~> 1.0)
      link_header (~> 0.0, >= 0.0.8)
      multi_json (~> 1.15)
      rack (>= 2.2, < 4)
      rdf (~> 3.3)
      rexml (~> 3.2)
    kaminari (1.2.2)
      activesupport (>= 4.1.0)
      kaminari-actionview (= 1.2.2)
      kaminari-activerecord (= 1.2.2)
      kaminari-core (= 1.2.2)
    kaminari-actionview (1.2.2)
      actionview
      kaminari-core (= 1.2.2)
    kaminari-activerecord (1.2.2)
      activerecord
      kaminari-core (= 1.2.2)
    kaminari-core (1.2.2)
    language_server-protocol (3.17.0.3)
    link_header (0.0.8)
    logger (1.6.1)
    loofah (2.22.0)
      crass (~> 1.0.2)
      nokogiri (>= 1.12.0)
    mail (2.8.1)
      mini_mime (>= 0.1.1)
      net-imap
      net-pop
      net-smtp
    marcel (1.0.4)
    method_source (1.1.0)
    mini_magick (4.13.2)
    mini_mime (1.1.5)
    minitest (5.25.1)
    mobility (1.2.9)
      i18n (>= 0.6.10, < 2)
      request_store (~> 1.0)
    mobility-actiontext (1.1.1)
      actiontext (>= 6.0)
      mobility (~> 1.2)
    money (6.19.0)
      i18n (>= 0.6.4, <= 2)
    msgpack (1.7.2)
    multi_json (1.15.0)
    mutex_m (0.2.0)
    net-imap (0.4.16)
      date
      net-protocol
    net-pop (0.1.2)
      net-protocol
    net-protocol (0.2.2)
      timeout
    net-scp (4.0.0)
      net-ssh (>= 2.6.5, < 8.0.0)
    net-sftp (4.0.0)
      net-ssh (>= 5.0.0, < 8.0.0)
    net-smtp (0.5.0)
      net-protocol
    net-ssh (7.2.3)
    nio4r (2.7.3)
    nokogiri (1.16.7-aarch64-linux)
      racc (~> 1.4)
    nokogiri (1.16.7-arm-linux)
      racc (~> 1.4)
    nokogiri (1.16.7-arm64-darwin)
      racc (~> 1.4)
    nokogiri (1.16.7-x86-linux)
      racc (~> 1.4)
    nokogiri (1.16.7-x86_64-darwin)
      racc (~> 1.4)
    nokogiri (1.16.7-x86_64-linux)
      racc (~> 1.4)
    orm_adapter (0.5.0)
    ostruct (0.6.0)
    pagy (9.0.9)
    parallel (1.26.3)
    parser (3.3.5.0)
      ast (~> 2.4.1)
      racc
    pg (1.5.8)
    psych (5.1.2)
      stringio
    puma (6.4.3)
      nio4r (~> 2.0)
    racc (1.8.1)
    rack (3.1.7)
    rack-session (2.0.0)
      rack (>= 3.0.0)
    rack-test (2.1.0)
      rack (>= 1.3)
    rackup (2.1.0)
      rack (>= 3)
      webrick (~> 1.8)
    rails (7.1.4)
      actioncable (= 7.1.4)
      actionmailbox (= 7.1.4)
      actionmailer (= 7.1.4)
      actionpack (= 7.1.4)
      actiontext (= 7.1.4)
      actionview (= 7.1.4)
      activejob (= 7.1.4)
      activemodel (= 7.1.4)
      activerecord (= 7.1.4)
      activestorage (= 7.1.4)
      activesupport (= 7.1.4)
      bundler (>= 1.15.0)
      railties (= 7.1.4)
    rails-dom-testing (2.2.0)
      activesupport (>= 5.0.0)
      minitest
      nokogiri (>= 1.6)
    rails-html-sanitizer (1.6.0)
      loofah (~> 2.21)
      nokogiri (~> 1.14)
    rails-i18n (7.0.9)
      i18n (>= 0.7, < 2)
      railties (>= 6.0.0, < 8)
    railties (7.1.4)
      actionpack (= 7.1.4)
      activesupport (= 7.1.4)
      irb
      rackup (>= 1.0.0)
      rake (>= 12.2)
      thor (~> 1.0, >= 1.2.2)
      zeitwerk (~> 2.6)
    rainbow (3.1.1)
    rake (13.2.1)
    ransack (4.2.1)
      activerecord (>= 6.1.5)
      activesupport (>= 6.1.5)
      i18n
    rdf (3.3.2)
      bcp47_spec (~> 0.2)
      bigdecimal (~> 3.1, >= 3.1.5)
      link_header (~> 0.0, >= 0.0.8)
    rdoc (6.7.0)
      psych (>= 4.0.0)
    redis (5.3.0)
      redis-client (>= 0.22.0)
    redis-client (0.22.2)
      connection_pool
    regexp_parser (2.9.2)
    reline (0.5.10)
      io-console (~> 0.5)
    request_store (1.7.0)
      rack (>= 1.4)
    responders (3.1.1)
      actionpack (>= 5.2)
      railties (>= 5.2)
    rexml (3.3.7)
    rubocop (1.66.1)
      json (~> 2.3)
      language_server-protocol (>= 3.17.0)
      parallel (~> 1.10)
      parser (>= 3.3.0.2)
      rainbow (>= 2.2.2, < 4.0)
      regexp_parser (>= 2.4, < 3.0)
      rubocop-ast (>= 1.32.2, < 2.0)
      ruby-progressbar (~> 1.7)
      unicode-display_width (>= 2.4.0, < 3.0)
    rubocop-ast (1.32.3)
      parser (>= 3.3.1.0)
    ruby-progressbar (1.13.0)
    ruby-vips (2.2.2)
      ffi (~> 1.12)
      logger
    ruby_parser (3.21.1)
      racc (~> 1.5)
      sexp_processor (~> 4.16)
    sassc (2.4.0)
      ffi (~> 1.9)
    sassc-rails (2.1.2)
      railties (>= 4.0.0)
      sassc (>= 2.0)
      sprockets (> 3.0)
      sprockets-rails
      tilt
    schema_dot_org (2.2.3)
      validated_object (~> 2.3)
    sexp_processor (4.17.2)
    sitemap_generator (6.3.0)
      builder (~> 3.0)
    sorbet-runtime (0.5.11577)
    sprockets (4.2.1)
      concurrent-ruby (~> 1.0)
      rack (>= 2.2.4, < 4)
    sprockets-rails (3.5.2)
      actionpack (>= 6.1)
      activesupport (>= 6.1)
      sprockets (>= 3.0.0)
    sshkit (1.23.1)
      base64
      net-scp (>= 1.1.2)
      net-sftp (>= 2.1.2)
      net-ssh (>= 2.8.0)
      ostruct
    stimulus-rails (1.3.4)
      railties (>= 6.0.0)
    stringio (3.1.1)
    tailwindcss-rails (2.7.5)
      railties (>= 7.0.0)
    tailwindcss-rails (2.7.5-aarch64-linux)
      railties (>= 7.0.0)
    tailwindcss-rails (2.7.5-arm-linux)
      railties (>= 7.0.0)
    tailwindcss-rails (2.7.5-arm64-darwin)
      railties (>= 7.0.0)
    tailwindcss-rails (2.7.5-x86_64-darwin)
      railties (>= 7.0.0)
    tailwindcss-rails (2.7.5-x86_64-linux)
      railties (>= 7.0.0)
    temple (0.10.3)
    thor (1.3.2)
    tilt (2.4.0)
    timeout (0.4.1)
    turbo-rails (2.0.9)
      actionpack (>= 6.0.0)
      railties (>= 6.0.0)
    tzinfo (2.0.6)
      concurrent-ruby (~> 1.0)
    unicode-display_width (2.6.0)
    validated_object (2.3.0)
      activemodel (>= 3.2.21)
      sorbet-runtime (>= 0.5.5890)
    view_component (3.14.0)
      activesupport (>= 5.2.0, < 8.0)
      concurrent-ruby (~> 1.0)
      method_source (~> 1.0)
    warden (1.2.9)
      rack (>= 2.0.9)
    web-console (4.2.1)
      actionview (>= 6.0.0)
      activemodel (>= 6.0.0)
      bindex (>= 0.4.0)
      railties (>= 6.0.0)
    webrick (1.8.1)
    websocket-driver (0.7.6)
      websocket-extensions (>= 0.1.0)
    websocket-extensions (0.1.5)
    whenever (1.0.0)
      chronic (>= 0.6.3)
    zeitwerk (2.6.18)

PLATFORMS
  aarch64-linux
  arm-linux
  arm64-darwin
  x86-linux
  x86_64-darwin
  x86_64-linux

DEPENDENCIES
  active_decorator
  bcrypt_pbkdf
  bootsnap
  canonical-rails
  capistrano (~> 3.11)
  capistrano-passenger (~> 0.2.0)
  capistrano-rails (~> 1.4)
  capistrano-rbenv (~> 2.1, >= 2.1.4)
  chartkick
  debug
  devise (= 4.8.1)
  double_entry
  ed25519
  enum_help
  esbuild-rails
  faker
  font-awesome-sass
  friendly_id
  friendly_id-mobility
  gon
  groupdate
  haml-rails
  html2haml
  image_processing (~> 1.2)
  infold
  jbuilder
  jquery-rails
  jsbundling-rails (~> 1.3)
  json-ld
  kaminari
  mobility
  mobility-actiontext (~> 1.1)
  pagy
  pg (~> 1.1)
  puma (>= 5.0)
  rails (~> 7.1.3)
  rails-i18n
  ransack
  redis (>= 4.0.1)
  rubocop
  sassc-rails
  schema_dot_org
  sitemap_generator
  sprockets-rails
  stimulus-rails
  tailwindcss-rails
  turbo-rails
  view_component
  web-console
  whenever

RUBY VERSION
   ruby 3.3.1p55

BUNDLED WITH
   2.5.16
